GEM
  remote: http://rubygems.org/
  specs:
    crack (0.3.1)
    git (1.2.5)
    httparty (0.5.0)
      crack (>= 0.1.1)
    jeweler (1.6.4)
      bundler (~> 1.0)
      git (>= 1.2.5)
      rake
    json (1.4.6)
    rake (0.9.2)
    shoulda (2.11.3)

PLATFORMS
  ruby

DEPENDENCIES
  httparty (>= 0.5)
  jeweler
  json (~> 1.4.6)
  shoulda
